GEM
  remote: https://rubygems.org/
  specs:
    json (1.7.5)
    macaddr (1.6.1)
      systemu (~> 2.5.0)
    rack (1.4.1)
    rack-protection (1.2.0)
      rack
    rubyzip (0.9.9)
    sequel (3.41.0)
    sinatra (1.3.3)
      rack (~> 1.3, >= 1.3.6)
      rack-protection (~> 1.2)
      tilt (~> 1.3, >= 1.3.3)
    sqlite3 (1.3.6)
    systemu (2.5.2)
    terminal-table (1.4.5)
    tilt (1.3.3)
    uuid (2.3.6)
      macaddr (~> 1.0)

PLATFORMS
  ruby

DEPENDENCIES
  json
  rack
  rubyzip
  sequel
  sinatra
  sqlite3
  terminal-table
  uuid
